PATH
  remote: .
  specs:
    crequire (0.0.1)
      sourcify (~> 0.5)

GEM
  remote: http://rubygems.org/
  specs:
    diff-lcs (1.1.3)
    file-tail (1.0.7)
      tins (~> 0.3)
    rspec (2.7.0)
      rspec-core (~> 2.7.0)
      rspec-expectations (~> 2.7.0)
      rspec-mocks (~> 2.7.0)
    rspec-core (2.7.1)
    rspec-expectations (2.7.0)
      diff-lcs (~> 1.1.2)
    rspec-mocks (2.7.0)
    ruby2ruby (1.3.1)
      ruby_parser (~> 2.0)
      sexp_processor (~> 3.0)
    ruby_parser (2.3.1)
      sexp_processor (~> 3.0)
    sexp_processor (3.0.8)
    sourcify (0.5.0)
      file-tail (>= 1.0.5)
      ruby2ruby (>= 1.2.5)
      ruby_parser (>= 2.0.5)
      sexp_processor (>= 3.0.5)
    tins (0.3.3)

PLATFORMS
  ruby

DEPENDENCIES
  crequire!
  rspec (~> 2.7)
